GEM
  remote: https://rubygems.org/
  specs:
    coderay (1.0.9)
    method_source (0.8.1)
    nokogiri (1.5.9)
    oj (2.0.9)
    pry (0.9.12)
      coderay (~> 1.0.5)
      method_source (~> 0.8)
      slop (~> 3.4)
    rake (10.0.4)
    slop (3.4.4)

PLATFORMS
  ruby

DEPENDENCIES
  nokogiri (= 1.5.9)
  oj (= 2.0.9)
  pry (= 0.9.12)
  rake (= 10.0.4)
